GEM
  specs:
    nokogiri (1.11.2-x86_64-darwin)
      racc (~> 1.4)
    racc (1.5.2)

PLATFORMS
  x86_64-darwin-17

DEPENDENCIES
  nokogiri

BUNDLED WITH
   2.2.14
